GEM
  remote: http://rubygems.org/
  specs:
    slim (3.0.7)
      temple (~> 0.7.6)
      tilt (>= 1.3.3, < 2.1)
    temple (0.7.7)
    tilt (2.0.6)

PLATFORMS
  ruby

DEPENDENCIES
  slim

BUNDLED WITH
   1.14.3
